GEM
  remote: http://rubygems.org/
  specs:
    json (1.6.7)
    kuaipan (0.0.3)
      json (~> 1.6.6)
      rest-client
    mime-types (1.18)
    rest-client (1.6.7)
      mime-types (>= 1.16)

PLATFORMS
  ruby

DEPENDENCIES
  kuaipan
